NUGET
  remote: https://www.nuget.org/api/v2
  specs:
    DotLiquid (1.8.0)
    FAKE (4.20.0)
    FSharp.Compiler.Service (2.0.0.5)
    FSharp.Core (4.0.0.1)
    FSharp.Data (2.2.5)
      Zlib.Portable (>= 1.10.0) - framework: portable-net40+sl50+wp80+win80
    Google.DataTable.Net.Wrapper (3.1.2)
    Newtonsoft.Json (8.0.2)
    Suave (1.1.1)
      FSharp.Core (>= 3.1.2.5)
    Suave.DotLiquid (1.1.1)
      DotLiquid (>= 1.8.0)
      FSharp.Core (>= 3.1.2.5)
      Suave (>= 1.1.1)
    XPlot.GoogleCharts (1.3.1)
      Google.DataTable.Net.Wrapper
      Newtonsoft.Json
    Zlib.Portable (1.11.0) - framework: portable-net40+sl50+wp80+win80
